GEM
  remote: https://rubygems.org/
  specs:
    concurrent-ruby (1.1.10)
    config (4.0.0)
      deep_merge (~> 1.2, >= 1.2.1)
      dry-validation (~> 1.0, >= 1.0.0)
    deep_merge (1.2.2)
    dry-configurable (0.15.0)
      concurrent-ruby (~> 1.0)
      dry-core (~> 0.6)
    dry-container (0.10.1)
      concurrent-ruby (~> 1.0)
    dry-core (0.8.1)
      concurrent-ruby (~> 1.0)
    dry-inflector (0.3.0)
    dry-initializer (3.1.1)
    dry-logic (1.2.0)
      concurrent-ruby (~> 1.0)
      dry-core (~> 0.5, >= 0.5)
    dry-schema (1.9.3)
      concurrent-ruby (~> 1.0)
      dry-configurable (~> 0.13, >= 0.13.0)
      dry-core (~> 0.5, >= 0.5)
      dry-initializer (~> 3.0)
      dry-logic (~> 1.0)
      dry-types (~> 1.5)
    dry-types (1.5.1)
      concurrent-ruby (~> 1.0)
      dry-container (~> 0.3)
      dry-core (~> 0.5, >= 0.5)
      dry-inflector (~> 0.1, >= 0.1.2)
      dry-logic (~> 1.0, >= 1.0.2)
    dry-validation (1.8.1)
      concurrent-ruby (~> 1.0)
      dry-container (~> 0.7, >= 0.7.1)
      dry-core (~> 0.5, >= 0.5)
      dry-initializer (~> 3.0)
      dry-schema (~> 1.8, >= 1.8.0)
    gosu (1.4.3)
    sqlite3 (1.4.4)

PLATFORMS
  arm64-darwin-21

DEPENDENCIES
  config
  gosu
  sqlite3

BUNDLED WITH
   2.3.17
